GEM
  remote: http://gems.retropia.org/
  remote: http://rubygems.org/
  specs:
    ceedling-retropia (0.1.1)
      rake (>= 0.8.7)
      thor (>= 0.14.5)
    rake (0.9.2.2)
    thor (0.14.6)

PLATFORMS
  ruby

DEPENDENCIES
  ceedling-retropia
